GEM
  remote: https://rubygems.org/
  specs:
    ast (2.4.0)
    jaro_winkler (1.5.2)
    observr (1.0.5)
    parallel (1.14.0)
    parser (2.6.0.0)
      ast (~> 2.4.0)
    power_assert (1.1.3)
    powerpack (0.1.2)
    psych (3.1.0)
    rainbow (3.0.0)
    rubocop (0.65.0)
      jaro_winkler (~> 1.5.1)
      parallel (~> 1.10)
      parser (>= 2.5, != 2.5.1.1)
      powerpack (~> 0.1)
      psych (>= 3.1.0)
      rainbow (>= 2.2.2, < 4.0)
      ruby-progressbar (~> 1.7)
      unicode-display_width (~> 1.4.0)
    ruby-progressbar (1.10.0)
    test-unit (3.3.0)
      power_assert
    unicode-display_width (1.4.1)

PLATFORMS
  ruby

DEPENDENCIES
  observr
  rubocop
  test-unit

BUNDLED WITH
   1.17.2
